GEM
  remote: http://rubygems.org/
  specs:
    nokogiri (1.5.5)
    rmagick (2.13.1)
    titleize (1.2.1)

PLATFORMS
  ruby

DEPENDENCIES
  nokogiri
  rmagick
  titleize
